GEM
  remote: https://rubygems.org/
  specs:
    Ascii85 (1.0.2)
    afm (0.2.2)
    diff-lcs (1.1.3)
    hashery (2.1.1)
    pdf-reader (1.3.3)
      Ascii85 (~> 1.0.0)
      afm (~> 0.2.0)
      hashery (~> 2.0)
      ruby-rc4
      ttfunk
    rspec (2.8.0)
      rspec-core (~> 2.8.0)
      rspec-expectations (~> 2.8.0)
      rspec-mocks (~> 2.8.0)
    rspec-core (2.8.0)
    rspec-expectations (2.8.0)
      diff-lcs (~> 1.1.2)
    rspec-mocks (2.8.0)
    ruby-rc4 (0.1.5)
    ttfunk (1.4.0)

PLATFORMS
  ruby

DEPENDENCIES
  pdf-reader
  rspec (~> 2.8.0)

BUNDLED WITH
   1.10.5
